GEM
  remote: https://rubygems.org/
  specs:
    eventmachine (1.0.0)
    libxml-ruby (2.4.0)
    nokogiri (1.5.6)
    xpath (1.0.0)
      nokogiri (~> 1.3)

PLATFORMS
  ruby

DEPENDENCIES
  eventmachine
  libxml-ruby
  nokogiri
  xpath
