GEM
  remote: https://rubygems.org/
  specs:
    diff-lcs (1.2.1)
    eventmachine (1.0.0)
    libxml-ruby (2.4.0)
    nokogiri (1.5.6)
    rake (10.0.3)
    rspec (2.13.0)
      rspec-core (~> 2.13.0)
      rspec-expectations (~> 2.13.0)
      rspec-mocks (~> 2.13.0)
    rspec-core (2.13.0)
    rspec-expectations (2.13.0)
      diff-lcs (>= 1.1.3, < 2.0)
    rspec-mocks (2.13.0)
    xpath (1.0.0)
      nokogiri (~> 1.3)

PLATFORMS
  ruby

DEPENDENCIES
  eventmachine
  libxml-ruby
  nokogiri
  rake
  rspec
  xpath
